GIT
  remote: git://github.com/quintel/merit.git
  revision: e6fe08381bb7ec4ed0f975d152193e0d97a207f5
  ref: e6fe083
  specs:
    quintel_merit (0.1.0)
      terminal-table

GEM
  remote: https://rubygems.org/
  specs:
    diff-lcs (1.2.5)
    rspec (3.0.0)
      rspec-core (~> 3.0.0)
      rspec-expectations (~> 3.0.0)
      rspec-mocks (~> 3.0.0)
    rspec-core (3.0.2)
      rspec-support (~> 3.0.0)
    rspec-expectations (3.0.2)
      diff-lcs (>= 1.2.0, < 2.0)
      rspec-support (~> 3.0.0)
    rspec-mocks (3.0.2)
      rspec-support (~> 3.0.0)
    rspec-support (3.0.2)
    terminal-table (1.4.5)

PLATFORMS
  ruby

DEPENDENCIES
  quintel_merit!
  rspec
